GEM
  remote: http://rubygems.org/
  specs:
    coderay (1.0.9)
    guard (1.6.2)
      listen (>= 0.6.0)
      lumberjack (>= 1.0.2)
      pry (>= 0.9.10)
      terminal-table (>= 1.4.3)
      thor (>= 0.14.6)
    guard-rake (0.0.7)
      guard
      rake
    json (1.7.3)
    listen (0.7.3)
    lumberjack (1.0.2)
    method_source (0.8.1)
    pry (0.9.12)
      coderay (~> 1.0.5)
      method_source (~> 0.8)
      slop (~> 3.4)
    rake (10.0.3)
    rb-fsevent (0.9.3)
    slop (3.4.4)
    terminal-table (1.4.5)
    thor (0.17.0)

PLATFORMS
  ruby

DEPENDENCIES
  guard
  guard-rake
  json
  rake
  rb-fsevent (~> 0.9.1)
